GIT
  remote: git://github.com/terut/kage.git
  revision: 80c9ae62b6253b9b0e34930706b92e9d7350eb35
  branch: feature/fix_request_path_error
  specs:
    kage (0.9.1)
      em-proxy (>= 0.1.7)
      http_parser.rb (>= 0.5.3)

GEM
  remote: https://rubygems.org/
  specs:
    dotenv (0.7.0)
    em-proxy (0.1.8)
      eventmachine
    eventmachine (1.0.3)
    foreman (0.67.0)
      dotenv (~> 0.7.0)
      thor (~> 0.17.0)
    http_parser.rb (0.6.0)
    rack (1.5.2)
    rack-protection (1.5.3)
      rack
    sinatra (1.4.5)
      rack (~> 1.4)
      rack-protection (~> 1.4)
      tilt (~> 1.3, >= 1.3.4)
    thor (0.17.0)
    tilt (1.4.1)

PLATFORMS
  ruby

DEPENDENCIES
  foreman
  kage!
  sinatra
